GEM
  remote: http://rubygems.org/
  specs:
    Platform (0.4.0)
    SystemTimer (1.2.2)
    actionmailer (2.3.5)
      actionpack (= 2.3.5)
    actionpack (2.3.5)
      activesupport (= 2.3.5)
      rack (~> 1.0.0)
    activerecord (2.3.5)
      activesupport (= 2.3.5)
    activeresource (2.3.5)
      activesupport (= 2.3.5)
    activesupport (2.3.5)
    diff-lcs (1.1.2)
    faker (0.9.5)
      i18n (~> 0.4)
    god (0.11.0)
    grit (2.1.0)
      diff-lcs (~> 1.1)
      mime-types (~> 1.15)
    i18n (0.5.0)
    json (1.5.1)
    machinist (1.0.6)
    mime-types (1.16)
    mocha (0.9.11)
      rake
    mysql (2.8.1)
    nokogiri (1.4.4)
    open4 (1.0.1)
    popen4 (0.1.2)
      Platform (>= 0.4.0)
      open4 (>= 0.4.0)
    rack (1.0.1)
    radar-delayed_job (1.7.1)
    rails (2.3.5)
      actionmailer (= 2.3.5)
      actionpack (= 2.3.5)
      activerecord (= 2.3.5)
      activeresource (= 2.3.5)
      activesupport (= 2.3.5)
      rake (>= 0.8.3)
    rake (0.8.7)
    rspec (1.2.9)
    rspec-rails (1.2.9)
      rack (>= 1.0.0)
      rspec (>= 1.2.9)
    sqlite3 (1.3.3)

PLATFORMS
  ruby

DEPENDENCIES
  SystemTimer
  faker
  god
  grit (= 2.1.0)
  json
  machinist
  mocha
  mysql
  nokogiri (>= 1.3.2)
  popen4
  radar-delayed_job (= 1.7.1)
  rails (= 2.3.5)
  rspec (= 1.2.9)
  rspec-rails (= 1.2.9)
  sqlite3
